PATH
  remote: .
  specs:
    ffcrm_lookup_field (0.1.0)
      fat_free_crm
      rails

GEM
  remote: https://rubygems.org/
  specs:
    actionmailer (4.2.11.3)
      actionpack (= 4.2.11.3)
      actionview (= 4.2.11.3)
      activejob (= 4.2.11.3)
      mail (~> 2.5, >= 2.5.4)
      rails-dom-testing (~> 1.0, >= 1.0.5)
    actionpack (4.2.11.3)
      actionview (= 4.2.11.3)
      activesupport (= 4.2.11.3)
      rack (~> 1.6)
      rack-test (~> 0.6.2)
      rails-dom-testing (~> 1.0, >= 1.0.5)
      rails-html-sanitizer (~> 1.0, >= 1.0.2)
    actionview (4.2.11.3)
      activesupport (= 4.2.11.3)
      builder (~> 3.1)
      erubis (~> 2.7.0)
      rails-dom-testing (~> 1.0, >= 1.0.5)
      rails-html-sanitizer (~> 1.0, >= 1.0.3)
    activejob (4.2.11.3)
      activesupport (= 4.2.11.3)
      globalid (>= 0.3.0)
    activemodel (4.2.11.3)
      activesupport (= 4.2.11.3)
      builder (~> 3.1)
    activerecord (4.2.11.3)
      activemodel (= 4.2.11.3)
      activesupport (= 4.2.11.3)
      arel (~> 6.0)
    activesupport (4.2.11.3)
      i18n (~> 0.7)
      minitest (~> 5.1)
      thread_safe (~> 0.3, >= 0.3.4)
      tzinfo (~> 1.1)
    acts-as-taggable-on (5.0.0)
      activerecord (>= 4.2.8)
    acts_as_commentable (4.0.2)
    acts_as_list (1.1.0)
      activerecord (>= 4.2)
    addressable (2.8.1)
      public_suffix (>= 2.0.2, < 6.0)
    arel (6.0.4)
    authlogic (4.5.0)
      activerecord (>= 4.2, < 5.3)
      activesupport (>= 4.2, < 5.3)
      request_store (~> 1.0)
      scrypt (>= 1.2, < 4.0)
    builder (3.2.4)
    byebug (3.5.1)
      columnize (~> 0.8)
      debugger-linecache (~> 1.2)
      slop (~> 3.6)
    cancancan (3.5.0)
    chronic (0.10.2)
    climate_control (0.2.0)
    cocaine (0.6.0)
      terrapin (= 0.6.0)
    coffee-script-source (1.8.0)
    columnize (0.9.0)
    concurrent-ruby (1.2.2)
    countries (5.3.1)
      unaccent (~> 0.3)
    country_select (8.0.1)
      countries (~> 5.0)
    crass (1.0.6)
    css_parser (1.14.0)
      addressable
    date (3.3.3)
    debugger-linecache (1.2.0)
    diff-lcs (1.5.0)
    dynamic_form (1.1.4)
    email_reply_parser_ffcrm (0.5.0)
    erubis (2.7.0)
    factory_girl (4.9.0)
      activesupport (>= 3.0.0)
    factory_girl_rails (4.9.0)
      factory_girl (~> 4.9.0)
      railties (>= 3.0.0)
    fat_free_crm (0.14.2)
      acts-as-taggable-on (>= 3.4.3)
      acts_as_commentable
      acts_as_list
      authlogic (>= 3.4.4)
      cancancan
      cocaine
      coffee-script-source (~> 1.8.0)
      country_select
      dynamic_form
      email_reply_parser_ffcrm
      ffaker (>= 2)
      font-awesome-rails
      haml
      jquery-migrate-rails
      jquery-rails
      jquery-ui-rails
      nokogiri
      paper_trail (>= 4.0.0.beta2)
      paperclip
      premailer
      rails (~> 4.2.0)
      rails-observers
      rails3-jquery-autocomplete
      rails_autolink
      ransack (~> 1.6.2)
      ransack_ui (>= 1.3.1)
      responders (~> 2.0)
      responds_to_parent
      sass
      select2-rails (~> 3.5.9.3)
      simple_form
      sprockets-rails (= 2.2.2)
      thor
      will_paginate
    ffaker (2.21.0)
    ffi (1.15.5)
    ffi-compiler (1.0.1)
      ffi (>= 1.0.0)
      rake
    font-awesome-rails (4.7.0.8)
      railties (>= 3.2, < 8.0)
    globalid (0.4.2)
      activesupport (>= 4.2.0)
    haml (6.1.1)
      temple (>= 0.8.2)
      thor
      tilt
    htmlentities (4.3.4)
    i18n (0.9.5)
      concurrent-ruby (~> 1.0)
    jquery-migrate-rails (1.2.1)
    jquery-rails (2.1.4)
      railties (>= 3.0, < 5.0)
      thor (>= 0.14, < 2.0)
    jquery-ui-rails (6.0.1)
      railties (>= 3.2.16)
    loofah (2.19.1)
      crass (~> 1.0.2)
      nokogiri (>= 1.5.9)
    mail (2.8.1)
      mini_mime (>= 0.1.1)
      net-imap
      net-pop
      net-smtp
    mime-types (3.4.1)
      mime-types-data (~> 3.2015)
    mime-types-data (3.2023.0218.1)
    mimemagic (0.3.10)
      nokogiri (~> 1)
      rake
    mini_mime (1.1.2)
    mini_portile2 (2.8.1)
    minitest (5.18.0)
    net-imap (0.3.4)
      date
      net-protocol
    net-pop (0.1.2)
      net-protocol
    net-protocol (0.2.1)
      timeout
    net-smtp (0.3.3)
      net-protocol
    nokogiri (1.14.2)
      mini_portile2 (~> 2.8.0)
      racc (~> 1.4)
    paper_trail (10.3.1)
      activerecord (>= 4.2)
      request_store (~> 1.1)
    paperclip (6.1.0)
      activemodel (>= 4.2.0)
      activesupport (>= 4.2.0)
      mime-types
      mimemagic (~> 0.3.0)
      terrapin (~> 0.6.0)
    pg (1.4.6)
    polyamorous (1.3.3)
      activerecord (>= 3.0)
    premailer (1.20.0)
      addressable
      css_parser (>= 1.12.0)
      htmlentities (>= 4.0.0)
    public_suffix (5.0.1)
    racc (1.6.2)
    rack (1.6.13)
    rack-test (0.6.3)
      rack (>= 1.0)
    rails (4.2.11.3)
      actionmailer (= 4.2.11.3)
      actionpack (= 4.2.11.3)
      actionview (= 4.2.11.3)
      activejob (= 4.2.11.3)
      activemodel (= 4.2.11.3)
      activerecord (= 4.2.11.3)
      activesupport (= 4.2.11.3)
      bundler (>= 1.3.0, < 2.0)
      railties (= 4.2.11.3)
      sprockets-rails
    rails-deprecated_sanitizer (1.0.4)
      activesupport (>= 4.2.0.alpha)
    rails-dom-testing (1.0.9)
      activesupport (>= 4.2.0, < 5.0)
      nokogiri (~> 1.6)
      rails-deprecated_sanitizer (>= 1.0.1)
    rails-html-sanitizer (1.5.0)
      loofah (~> 2.19, >= 2.19.1)
    rails-observers (0.1.5)
      activemodel (>= 4.0)
    rails3-jquery-autocomplete (1.0.15)
      rails (>= 3.2)
    rails_autolink (1.1.8)
      actionview (> 3.1)
      activesupport (> 3.1)
      railties (> 3.1)
    railties (4.2.11.3)
      actionpack (= 4.2.11.3)
      activesupport (= 4.2.11.3)
      rake (>= 0.8.7)
      thor (>= 0.18.1, < 2.0)
    rake (13.0.6)
    ransack (1.6.6)
      actionpack (>= 3.0)
      activerecord (>= 3.0)
      activesupport (>= 3.0)
      i18n
      polyamorous (~> 1.2)
    ransack_chronic (1.1.0)
      chronic (>= 0.6.7)
    ransack_ui (1.3.4)
      ransack
      ransack_chronic (>= 1.1.0)
    rb-fsevent (0.11.2)
    rb-inotify (0.10.1)
      ffi (~> 1.0)
    request_store (1.5.1)
      rack (>= 1.4)
    responders (2.4.1)
      actionpack (>= 4.2.0, < 6.0)
      railties (>= 4.2.0, < 6.0)
    responds_to_parent (2.0.0)
      actionpack (>= 3.2.22, < 6.0)
    rspec-core (3.9.3)
      rspec-support (~> 3.9.3)
    rspec-expectations (3.9.4)
      diff-lcs (>= 1.2.0, < 2.0)
      rspec-support (~> 3.9.0)
    rspec-mocks (3.9.1)
      diff-lcs (>= 1.2.0, < 2.0)
      rspec-support (~> 3.9.0)
    rspec-rails (3.9.1)
      actionpack (>= 3.0)
      activesupport (>= 3.0)
      railties (>= 3.0)
      rspec-core (~> 3.9.0)
      rspec-expectations (~> 3.9.0)
      rspec-mocks (~> 3.9.0)
      rspec-support (~> 3.9.0)
    rspec-support (3.9.4)
    sass (3.7.4)
      sass-listen (~> 4.0.0)
    sass-listen (4.0.0)
      rb-fsevent (~> 0.9, >= 0.9.4)
      rb-inotify (~> 0.9, >= 0.9.7)
    scrypt (3.0.7)
      ffi-compiler (>= 1.0, < 2.0)
    select2-rails (3.5.9.3)
      thor (~> 0.14)
    simple_form (4.0.0)
      actionpack (> 4)
      activemodel (> 4)
    slop (3.6.0)
    sprockets (3.7.2)
      concurrent-ruby (~> 1.0)
      rack (> 1, < 3)
    sprockets-rails (2.2.2)
      actionpack (>= 3.0)
      activesupport (>= 3.0)
      sprockets (>= 2.8, < 4.0)
    temple (0.10.0)
    terrapin (0.6.0)
      climate_control (>= 0.0.3, < 1.0)
    thor (0.20.3)
    thread_safe (0.3.6)
    tilt (2.1.0)
    timeout (0.3.2)
    tzinfo (1.2.11)
      thread_safe (~> 0.1)
    unaccent (0.4.0)
    will_paginate (3.3.1)

PLATFORMS
  ruby

DEPENDENCIES
  byebug
  factory_girl_rails
  fat_free_crm
  ffcrm_lookup_field!
  jquery-rails
  pg
  rspec-rails
